PATH
  remote: .
  specs:
    uniqable (0.4.1)
      nanoid (~> 2.0)

GEM
  remote: https://rubygems.org/
  specs:
    activemodel (7.0.4.1)
      activesupport (= 7.0.4.1)
    activerecord (7.0.4.1)
      activemodel (= 7.0.4.1)
      activesupport (= 7.0.4.1)
    activesupport (7.0.4.1)
      concurrent-ruby (~> 1.0, >= 1.0.2)
      i18n (>= 1.6, < 2)
      minitest (>= 5.1)
      tzinfo (~> 2.0)
    ast (2.4.1)
    awesome_print (1.8.0)
    concurrent-ruby (1.1.10)
    diff-lcs (1.4.2)
    i18n (1.12.0)
      concurrent-ruby (~> 1.0)
    minitest (5.17.0)
    nanoid (2.0.0)
    parallel (1.19.2)
    parser (2.7.1.4)
      ast (~> 2.4.1)
    rainbow (3.0.0)
    rake (13.0.1)
    regexp_parser (1.7.1)
    rexml (3.2.4)
    rspec (3.9.0)
      rspec-core (~> 3.9.0)
      rspec-expectations (~> 3.9.0)
      rspec-mocks (~> 3.9.0)
    rspec-core (3.9.2)
      rspec-support (~> 3.9.3)
    rspec-expectations (3.9.2)
      diff-lcs (>= 1.2.0, < 2.0)
      rspec-support (~> 3.9.0)
    rspec-mocks (3.9.1)
      diff-lcs (>= 1.2.0, < 2.0)
      rspec-support (~> 3.9.0)
    rspec-support (3.9.3)
    rspec_junit_formatter (0.4.1)
      rspec-core (>= 2, < 4, != 2.12.0)
    rubocop (0.86.0)
      parallel (~> 1.10)
      parser (>= 2.7.0.1)
      rainbow (>= 2.2.2, < 4.0)
      regexp_parser (>= 1.7)
      rexml
      rubocop-ast (>= 0.0.3, < 1.0)
      ruby-progressbar (~> 1.7)
      unicode-display_width (>= 1.4.0, < 2.0)
    rubocop-ast (0.0.3)
      parser (>= 2.7.0.1)
    ruby-progressbar (1.10.1)
    sqlite3 (1.3.13)
    tzinfo (2.0.5)
      concurrent-ruby (~> 1.0)
    unicode-display_width (1.7.0)

PLATFORMS
  ruby

DEPENDENCIES
  activerecord (~> 7.0)
  awesome_print (~> 1.8.0)
  bundler (~> 1.16)
  rake (>= 13.0.1)
  rspec (~> 3.9)
  rspec_junit_formatter
  rubocop (~> 0.82)
  sqlite3 (~> 1.3.13)
  uniqable!

BUNDLED WITH
   1.17.3
